GEM
  remote: http://rubygems.org/
  specs:
    addressable (2.3.2)
    bson (1.7.1)
    bson_ext (1.7.1)
      bson (~> 1.7.1)
    daemons (1.1.9)
    eventmachine (1.0.0)
    faraday (0.7.6)
      addressable (~> 2.2)
      multipart-post (~> 1.1)
      rack (~> 1.1)
    faraday-stack (0.1.5)
      faraday (>= 0.6, < 0.8)
    geocoder (1.1.5)
    indextank (1.0.12)
      faraday-stack
      yajl-ruby (>= 0.7.7)
    json (1.7.5)
    kramdown (0.14.1)
    mongo (1.7.1)
      bson (~> 1.7.1)
    multipart-post (1.1.5)
    rack (1.4.1)
    rack-protection (1.2.0)
      rack
    rdiscount (1.6.8)
    redcarpet (2.2.2)
    sinatra (1.3.3)
      rack (~> 1.3, >= 1.3.6)
      rack-protection (~> 1.2)
      tilt (~> 1.3, >= 1.3.3)
    sinatra-content-for2 (0.3)
      sinatra
    sinatra-flash (0.3.0)
      sinatra (>= 1.0.0)
    slim (1.3.4)
      temple (~> 0.5.5)
      tilt (~> 1.3.3)
    temple (0.5.5)
    thin (1.5.0)
      daemons (>= 1.0.9)
      eventmachine (>= 0.12.6)
      rack (>= 1.0.0)
    tilt (1.3.3)
    yajl-ruby (1.1.0)

PLATFORMS
  ruby

DEPENDENCIES
  bson_ext
  geocoder
  indextank
  json
  kramdown
  mongo
  rack
  rdiscount
  redcarpet
  sinatra
  sinatra-content-for2
  sinatra-flash
  slim
  thin
